GIT
  remote: git://github.com/nateklaiber/accept_language.git
  revision: f7a52527f381f172b0b33c6dab6a92acd0f74cf0
  specs:
    accept_language (0.0.1)

PATH
  remote: .
  specs:
    log-analytics (0.0.1)

GEM
  remote: https://rubygems.org/
  specs:
    activemodel (3.2.21.1)
      activesupport (= 4.1.11)
      builder (~> 3.0.0)
    activerecord (3.2.21.1)
      activemodel (= 3.2.22.1)
      activesupport (= 4.1.11)
      arel (~> 3.0.2)
      tzinfo (~> 0.3.29)
    activesupport (4.1.11)
      i18n (~> 0.6)
      multi_json (~> 1.0)
    arel (3.0.2)
    builder (3.0.4)
    daemons (1.1.9)
    em-zeromq (0.4.1)
      eventmachine (>= 1.0.0)
      ffi (>= 1.0.0)
      ffi-rzmq (= 0.9.7)
    eventmachine (1.0.0)
    ffi (1.3.1)
    ffi-rzmq (0.9.7)
      ffi
    geoip (1.2.1)
    highline (1.6.15)
    i18n (0.6.6)
    multi_json (1.5.1)
    rack (1.6.11)
    rack-protection (1.5.5)
      rack
    sinatra (1.3.4)
      rack (~> 1.4)
      rack-protection (~> 1.5.5)
      tilt (~> 1.3, >= 1.3.3)
    thin (1.5.0)
      daemons (>= 1.0.9)
      eventmachine (>= 0.12.6)
      rack (>= 1.0.0)
    tilt (1.3.3)
    tzinfo (0.3.35)
    useragent (0.4.16)

PLATFORMS
  ruby

DEPENDENCIES
  accept_language!
  activerecord
  em-zeromq
  geoip
  highline
  log-analytics!
  sinatra
  thin
  useragent
